PATH
  remote: .
  specs:
    block_repeater (0.3.2)

GEM
  remote: https://rubygems.org/
  specs:
    bump (0.10.0)
    coderay (1.1.3)
    diff-lcs (1.4.4)
    method_source (1.0.0)
    pry (0.14.1)
      coderay (~> 1.1)
      method_source (~> 1.0)
    rake (12.3.3)
    rspec (3.10.0)
      rspec-core (~> 3.10.0)
      rspec-expectations (~> 3.10.0)
      rspec-mocks (~> 3.10.0)
    rspec-core (3.10.1)
      rspec-support (~> 3.10.0)
    rspec-expectations (3.10.1)
      diff-lcs (>= 1.2.0, < 2.0)
      rspec-support (~> 3.10.0)
    rspec-mocks (3.10.2)
      diff-lcs (>= 1.2.0, < 2.0)
      rspec-support (~> 3.10.0)
    rspec-support (3.10.2)

PLATFORMS
  ruby

DEPENDENCIES
  block_repeater!
  bump (~> 0.6)
  bundler (~> 2.1.4)
  pry
  rake (~> 12.0)
  rspec (~> 3.0)

BUNDLED WITH
   2.1.4
